GEM
  remote: https://rubygems.org/
  specs:
    jasmine (3.5.0)
      jasmine-core (~> 3.5.0)
      phantomjs
      rack (>= 1.2.1)
      rake
    jasmine-core (3.5.0)
    phantomjs (2.1.1.0)
    rack (2.0.8)
    rake (13.0.1)

PLATFORMS
  ruby

DEPENDENCIES
  jasmine

BUNDLED WITH
   2.0.2
